PATH
  remote: .
  specs:
    parallel_tests (2.9.0)
      parallel

GEM
  remote: https://rubygems.org/
  specs:
    builder (3.2.2)
    bump (0.5.3)
    colorize (0.7.7)
    cucumber (2.4.0)
      builder (>= 2.1.2)
      cucumber-core (~> 1.5.0)
      cucumber-wire (~> 0.0.1)
      diff-lcs (>= 1.1.3)
      gherkin (~> 4.0)
      multi_json (>= 1.7.5, < 2.0)
      multi_test (>= 0.1.2)
    cucumber-core (1.5.0)
      gherkin (~> 4.0)
    cucumber-wire (0.0.1)
    diff-lcs (1.2.5)
    gherkin (4.0.0)
    gherkin-ruby (0.3.2)
    json (1.8.3)
    json (1.8.3-java)
    minitest (5.5.1)
    multi_json (1.12.1)
    multi_test (0.1.2)
    parallel (1.9.0)
    power_assert (0.3.0)
    rake (11.2.2)
    rspec (3.4.0)
      rspec-core (~> 3.4.0)
      rspec-expectations (~> 3.4.0)
      rspec-mocks (~> 3.4.0)
    rspec-core (3.4.4)
      rspec-support (~> 3.4.0)
    rspec-expectations (3.4.0)
      diff-lcs (>= 1.2.0, < 2.0)
      rspec-support (~> 3.4.0)
    rspec-mocks (3.4.1)
      diff-lcs (>= 1.2.0, < 2.0)
      rspec-support (~> 3.4.0)
    rspec-support (3.4.1)
    spinach (0.8.10)
      colorize
      gherkin-ruby (>= 0.3.2)
      json
    test-unit (3.2.0)
      power_assert

PLATFORMS
  java
  ruby

DEPENDENCIES
  bump
  cucumber (~> 2.0)
  minitest (~> 5.5.0)
  parallel_tests!
  rake
  rspec (~> 3.3)
  spinach
  test-unit

BUNDLED WITH
   1.12.5
